GEM
  remote: https://rubygems.org/
  specs:
    json (2.3.0)

PLATFORMS
  ruby

DEPENDENCIES
  json

BUNDLED WITH
   1.13.6
